PATH
  remote: .
  specs:
    claw-builder (0.1.0)
      json
      rest-client (~> 1.6.7)
      socketio-client (~> 0.0.2)
      thor (~> 0.14.6)

GEM
  remote: http://rubygems.org/
  specs:
    json (1.6.6)
    mime-types (1.18)
    rake (0.9.2.2)
    rest-client (1.6.7)
      mime-types (>= 1.16)
    socketio-client (0.0.2)
      rest-client
    thor (0.14.6)

PLATFORMS
  ruby

DEPENDENCIES
  claw-builder!
  rake
